PATH
  remote: gem
  specs:
    rbi-central (0.0.1)
      bigdecimal (>= 3.0.0)
      json-schema (>= 3.0.0)
      rbi (>= 0.1.9)
      rubocop (>= 1.29.1)
      rubocop-shopify (>= 2.5.0)
      rubocop-sorbet (>= 0.6.11)
      sorbet-static-and-runtime (>= 0.5.11922)
      spoom (>= 1.2.0)
      tapioca (>= 0.9.2)
      thor (>= 1.2.1)

GEM
  remote: https://rubygems.org/
  specs:
    addressable (2.8.7)
      public_suffix (>= 2.0.2, < 7.0)
    ast (2.4.3)
    benchmark (0.4.1)
    bigdecimal (3.1.9)
    erubi (1.13.1)
    json (2.10.2)
    json-schema (5.1.1)
      addressable (~> 2.8)
      bigdecimal (~> 3.1)
    language_server-protocol (3.17.0.4)
    lint_roller (1.1.0)
    logger (1.7.0)
    netrc (0.11.0)
    parallel (1.27.0)
    parser (3.3.8.0)
      ast (~> 2.4.1)
      racc
    prism (1.4.0)
    public_suffix (6.0.1)
    racc (1.8.1)
    rainbow (3.1.1)
    rbi (0.3.6)
      prism (~> 1.0)
      rbs (>= 3.4.4)
    rbs (4.0.0.dev.4)
      logger
      prism (>= 1.3.0)
    regexp_parser (2.10.0)
    require-hooks (0.2.2)
    rexml (3.4.1)
    rubocop (1.74.0)
      json (~> 2.3)
      language_server-protocol (~> 3.17.0.2)
      lint_roller (~> 1.1.0)
      parallel (~> 1.10)
      parser (>= 3.3.0.2)
      rainbow (>= 2.2.2, < 4.0)
      regexp_parser (>= 2.9.3, < 3.0)
      rubocop-ast (>= 1.38.0, < 2.0)
      ruby-progressbar (~> 1.7)
      unicode-display_width (>= 2.4.0, < 4.0)
    rubocop-ast (1.42.0)
      parser (>= 3.3.7.2)
    rubocop-shopify (2.15.1)
      rubocop (~> 1.51)
    rubocop-sorbet (0.10.0)
      rubocop (>= 1)
    ruby-progressbar (1.13.0)
    sorbet (0.5.12167)
      sorbet-static (= 0.5.12167)
    sorbet-runtime (0.5.12167)
    sorbet-static (0.5.12167-universal-darwin)
    sorbet-static (0.5.12167-x86_64-linux)
    sorbet-static-and-runtime (0.5.12167)
      sorbet (= 0.5.12167)
      sorbet-runtime (= 0.5.12167)
    spoom (1.7.3)
      erubi (>= 1.10.0)
      prism (>= 0.28.0)
      rbi (>= 0.3.3)
      rbs (>= 4.0.0.dev.4)
      rexml (>= 3.2.6)
      sorbet-static-and-runtime (>= 0.5.10187)
      thor (>= 0.19.2)
    tapioca (0.17.2)
      benchmark
      bundler (>= 2.2.25)
      netrc (>= 0.11.0)
      parallel (>= 1.21.0)
      rbi (>= 0.3.1)
      require-hooks (>= 0.2.2)
      sorbet-static-and-runtime (>= 0.5.11087)
      spoom (>= 1.7.0)
      thor (>= 1.2.0)
      yard-sorbet
    thor (1.3.2)
    unicode-display_width (3.1.4)
      unicode-emoji (~> 4.0, >= 4.0.4)
    unicode-emoji (4.0.4)
    yard (0.9.37)
    yard-sorbet (0.9.0)
      sorbet-runtime
      yard

PLATFORMS
  arm64-darwin-21
  arm64-darwin-23
  arm64-darwin-24
  x86_64-linux

DEPENDENCIES
  rbi-central!

BUNDLED WITH
   2.5.10
