PATH
  remote: gem
  specs:
    rbi-central (0.0.1)
      bigdecimal (>= 3.0.0)
      json-schema (>= 3.0.0)
      rbi (>= 0.1.9)
      rubocop (>= 1.29.1)
      rubocop-shopify (>= 2.5.0)
      rubocop-sorbet (>= 0.6.11)
      sorbet-static-and-runtime (>= 0.5.10225)
      spoom (>= 1.2.0)
      tapioca (>= 0.9.2)
      thor (>= 1.2.1)

GEM
  remote: https://rubygems.org/
  specs:
    addressable (2.8.7)
      public_suffix (>= 2.0.2, < 7.0)
    ast (2.4.2)
    bigdecimal (3.1.8)
    erubi (1.13.0)
    json (2.7.2)
    json-schema (5.0.0)
      addressable (~> 2.8)
    language_server-protocol (3.17.0.3)
    netrc (0.11.0)
    parallel (1.26.3)
    parser (3.3.5.0)
      ast (~> 2.4.1)
      racc
    prism (1.0.0)
    public_suffix (6.0.1)
    racc (1.8.1)
    rainbow (3.1.1)
    rbi (0.2.0)
      prism (~> 1.0)
      sorbet-runtime (>= 0.5.9204)
    regexp_parser (2.9.2)
    rubocop (1.66.1)
      json (~> 2.3)
      language_server-protocol (>= 3.17.0)
      parallel (~> 1.10)
      parser (>= 3.3.0.2)
      rainbow (>= 2.2.2, < 4.0)
      regexp_parser (>= 2.4, < 3.0)
      rubocop-ast (>= 1.32.2, < 2.0)
      ruby-progressbar (~> 1.7)
      unicode-display_width (>= 2.4.0, < 3.0)
    rubocop-ast (1.32.3)
      parser (>= 3.3.1.0)
    rubocop-shopify (2.15.1)
      rubocop (~> 1.51)
    rubocop-sorbet (0.8.5)
      rubocop (>= 1)
    ruby-progressbar (1.13.0)
    sorbet (0.5.11589)
      sorbet-static (= 0.5.11589)
    sorbet-runtime (0.5.11589)
    sorbet-static (0.5.11589-universal-darwin)
    sorbet-static (0.5.11589-x86_64-linux)
    sorbet-static-and-runtime (0.5.11589)
      sorbet (= 0.5.11589)
      sorbet-runtime (= 0.5.11589)
    spoom (1.5.0)
      erubi (>= 1.10.0)
      prism (>= 0.28.0)
      sorbet-static-and-runtime (>= 0.5.10187)
      thor (>= 0.19.2)
    tapioca (0.16.2)
      bundler (>= 2.2.25)
      netrc (>= 0.11.0)
      parallel (>= 1.21.0)
      rbi (~> 0.2)
      sorbet-static-and-runtime (>= 0.5.11087)
      spoom (>= 1.2.0)
      thor (>= 1.2.0)
      yard-sorbet
    thor (1.3.2)
    unicode-display_width (2.6.0)
    yard (0.9.37)
    yard-sorbet (0.9.0)
      sorbet-runtime
      yard

PLATFORMS
  arm64-darwin-21
  arm64-darwin-23
  x86_64-linux

DEPENDENCIES
  rbi-central!

BUNDLED WITH
   2.3.7
