PATH
  remote: .
  specs:
    rbi-central (0.0.1)
      json-schema (>= 3.0.0)
      rbi (>= 0.1.0)
      rubocop (>= 1.29.1)
      rubocop-shopify (>= 2.5.0)
      rubocop-sorbet (>= 0.6.11)
      sorbet-static-and-runtime (>= 0.5.10225)
      spoom (>= 1.2.0)
      tapioca (>= 0.9.2)
      thor (>= 1.2.1)

GEM
  remote: https://rubygems.org/
  specs:
    addressable (2.8.6)
      public_suffix (>= 2.0.2, < 6.0)
    ansi (1.5.0)
    ast (2.4.2)
    builder (3.2.4)
<<<<<<< HEAD
    debug (1.7.1)
      irb (>= 1.5.0)
      reline (>= 0.3.1)
    erubi (1.12.0)
    io-console (0.6.0)
    irb (1.6.2)
      reline (>= 0.3.0)
    json (2.6.2)
=======
    debug (1.9.1)
      irb (~> 1.10)
      reline (>= 0.3.8)
    erubi (1.12.0)
    io-console (0.7.1)
    irb (1.11.0)
      rdoc
      reline (>= 0.3.8)
    json (2.7.1)
>>>>>>> 558d964 (Bump the minor-and-patch group in /gem with 8 updates)
    json-schema (4.1.1)
      addressable (>= 2.8)
    language_server-protocol (3.17.0.3)
    minitest (5.20.0)
    minitest-reporters (1.6.1)
      ansi
      builder
      minitest (>= 5.0)
      ruby-progressbar
    netrc (0.11.0)
    parallel (1.24.0)
<<<<<<< HEAD
    parser (3.2.2.4)
=======
    parser (3.3.0.0)
>>>>>>> 558d964 (Bump the minor-and-patch group in /gem with 8 updates)
      ast (~> 2.4.1)
      racc
    prettier_print (1.2.1)
    prism (0.19.0)
    psych (5.1.2)
      stringio
    public_suffix (5.0.4)
    racc (1.7.3)
    rainbow (3.1.1)
    rake (13.1.0)
    rbi (0.1.6)
      prism (>= 0.18.0, < 0.20)
      sorbet-runtime (>= 0.5.9204)
    rdoc (6.6.2)
      psych (>= 4.0.0)
    regexp_parser (2.8.3)
    reline (0.4.2)
      io-console (~> 0.5)
    rexml (3.2.6)
    rubocop (1.59.0)
      json (~> 2.3)
      language_server-protocol (>= 3.17.0)
      parallel (~> 1.10)
      parser (>= 3.2.2.4)
      rainbow (>= 2.2.2, < 4.0)
      regexp_parser (>= 1.8, < 3.0)
      rexml (>= 3.2.5, < 4.0)
      rubocop-ast (>= 1.30.0, < 2.0)
      ruby-progressbar (~> 1.7)
      unicode-display_width (>= 2.4.0, < 3.0)
    rubocop-ast (1.30.0)
      parser (>= 3.2.1.0)
    rubocop-shopify (2.14.0)
      rubocop (~> 1.51)
    rubocop-sorbet (0.7.6)
      rubocop (>= 0.90.0)
    ruby-progressbar (1.13.0)
<<<<<<< HEAD
    sorbet (0.5.11188)
      sorbet-static (= 0.5.11188)
    sorbet-runtime (0.5.11188)
    sorbet-static (0.5.11188-universal-darwin)
    sorbet-static (0.5.11188-x86_64-linux)
    sorbet-static-and-runtime (0.5.11188)
      sorbet (= 0.5.11188)
      sorbet-runtime (= 0.5.11188)
=======
    sorbet (0.5.11176)
      sorbet-static (= 0.5.11176)
    sorbet-runtime (0.5.11176)
    sorbet-static (0.5.11176-universal-darwin)
    sorbet-static (0.5.11176-x86_64-linux)
    sorbet-static-and-runtime (0.5.11176)
      sorbet (= 0.5.11176)
      sorbet-runtime (= 0.5.11176)
>>>>>>> 558d964 (Bump the minor-and-patch group in /gem with 8 updates)
    spoom (1.2.4)
      erubi (>= 1.10.0)
      sorbet-static-and-runtime (>= 0.5.10187)
      syntax_tree (>= 6.1.1)
      thor (>= 0.19.2)
<<<<<<< HEAD
    syntax_tree (6.2.0)
      prettier_print (>= 1.2.0)
    tapioca (0.11.15)
=======
    stringio (3.1.0)
    syntax_tree (6.2.0)
      prettier_print (>= 1.2.0)
    tapioca (0.11.14)
>>>>>>> 558d964 (Bump the minor-and-patch group in /gem with 8 updates)
      bundler (>= 2.2.25)
      netrc (>= 0.11.0)
      parallel (>= 1.21.0)
      rbi (>= 0.1.4, < 0.2)
      sorbet-static-and-runtime (>= 0.5.10820)
      spoom (~> 1.2.0, >= 1.2.0)
      thor (>= 1.2.0)
      yard-sorbet
    thor (1.3.0)
<<<<<<< HEAD
    unicode-display_width (2.2.0)
    yard (0.9.34)
    yard-sorbet (0.8.1)
=======
    unicode-display_width (2.5.0)
    webrick (1.7.0)
    yard (0.9.28)
      webrick (~> 1.7.0)
    yard-sorbet (0.6.1)
>>>>>>> 558d964 (Bump the minor-and-patch group in /gem with 8 updates)
      sorbet-runtime (>= 0.5)
      yard (>= 0.9)

PLATFORMS
  arm64-darwin-21
  arm64-darwin-22
  x86_64-linux

DEPENDENCIES
  debug
  minitest
  minitest-reporters
  rake (~> 13.1)
  rbi-central!

BUNDLED WITH
   2.4.18
