GIT
  remote: https://github.com/Shopify/spoom.git
  revision: 098d51204fda0134ef4af41b4a2f3254a1e5a1dc
  branch: main
  specs:
    spoom (1.1.11)
      sorbet (>= 0.5.9204)
      sorbet-runtime (>= 0.5.9204)
      thor (>= 0.19.2)

PATH
  remote: .
  specs:
    rbi-central (0.0.1)
      json-schema (>= 3.0.0)
      rbi (>= 0.0.15)
      rubocop (>= 1.29.1)
      rubocop-shopify (>= 2.5.0)
      rubocop-sorbet (>= 0.6.11)
      sorbet-static-and-runtime (>= 0.5.10225)
      spoom (>= 1.1.11)
      tapioca (>= 0.9.2)
      thor (>= 1.2.1)

GEM
  remote: https://rubygems.org/
  specs:
    addressable (2.8.0)
      public_suffix (>= 2.0.2, < 5.0)
    ansi (1.5.0)
    ast (2.4.2)
    builder (3.2.4)
    coderay (1.1.3)
    diff-lcs (1.5.0)
    json (2.6.2)
    json-schema (3.0.0)
      addressable (>= 2.8)
    method_source (1.0.0)
    minitest (5.16.2)
    minitest-reporters (1.5.0)
      ansi
      builder
      minitest (>= 5.0)
      ruby-progressbar
    netrc (0.11.0)
    parallel (1.22.1)
    parser (3.1.2.0)
      ast (~> 2.4.1)
    pry (0.14.1)
      coderay (~> 1.1)
      method_source (~> 1.0)
    public_suffix (4.0.7)
    rainbow (3.1.1)
    rake (13.0.6)
    rbi (0.0.15)
      ast
      parser (>= 2.6.4.0)
      sorbet-runtime (>= 0.5.9204)
      unparser
    regexp_parser (2.5.0)
    rexml (3.2.5)
    rubocop (1.32.0)
      json (~> 2.3)
      parallel (~> 1.10)
      parser (>= 3.1.0.0)
      rainbow (>= 2.2.2, < 4.0)
      regexp_parser (>= 1.8, < 3.0)
      rexml (>= 3.2.5, < 4.0)
      rubocop-ast (>= 1.19.1, < 2.0)
      ruby-progressbar (~> 1.7)
      unicode-display_width (>= 1.4.0, < 3.0)
    rubocop-ast (1.19.1)
      parser (>= 3.1.1.0)
    rubocop-shopify (2.8.0)
      rubocop (~> 1.31)
    rubocop-sorbet (0.6.11)
      rubocop (>= 0.90.0)
    ruby-progressbar (1.11.0)
    sorbet (0.5.10323)
      sorbet-static (= 0.5.10323)
    sorbet-runtime (0.5.10323)
    sorbet-static (0.5.10323-universal-darwin-21)
    sorbet-static-and-runtime (0.5.10323)
      sorbet (= 0.5.10323)
      sorbet-runtime (= 0.5.10323)
    tapioca (0.9.2)
      bundler (>= 1.17.3)
      netrc (>= 0.11.0)
      parallel (>= 1.21.0)
      pry (>= 0.12.2)
      rbi (~> 0.0.0, >= 0.0.14)
      sorbet-static-and-runtime (>= 0.5.9204)
      spoom (~> 1.1.0, >= 1.1.11)
      thor (>= 1.2.0)
      yard-sorbet
    thor (1.2.1)
    unicode-display_width (2.2.0)
    unparser (0.6.5)
      diff-lcs (~> 1.3)
      parser (>= 3.1.0)
    webrick (1.7.0)
    yard (0.9.28)
      webrick (~> 1.7.0)
    yard-sorbet (0.6.1)
      sorbet-runtime (>= 0.5)
      yard (>= 0.9)

PLATFORMS
  arm64-darwin-21

DEPENDENCIES
  minitest
  minitest-reporters
  rake (~> 13.0)
  rbi-central!
  spoom!

BUNDLED WITH
   2.3.13
