PATH
  remote: .
  specs:
    rbi-central (0.0.1)
      json-schema (>= 3.0.0)
      rbi (>= 0.1.0)
      rubocop (>= 1.29.1)
      rubocop-shopify (>= 2.5.0)
      rubocop-sorbet (>= 0.6.11)
      sorbet-static-and-runtime (>= 0.5.10225)
      spoom (>= 1.2.0)
      tapioca (>= 0.9.2)
      thor (>= 1.2.1)

GEM
  remote: https://rubygems.org/
  specs:
    addressable (2.8.6)
      public_suffix (>= 2.0.2, < 6.0)
    ansi (1.5.0)
    ast (2.4.2)
    builder (3.2.4)
    debug (1.7.1)
      irb (>= 1.5.0)
      reline (>= 0.3.1)
    io-console (0.6.0)
    irb (1.6.2)
      reline (>= 0.3.0)
    json (2.6.2)
    json-schema (4.1.1)
      addressable (>= 2.8)
    minitest (5.16.2)
    minitest-reporters (1.6.1)
      ansi
      builder
      minitest (>= 5.0)
      ruby-progressbar
    netrc (0.11.0)
    parallel (1.22.1)
    parser (3.2.2.4)
      ast (~> 2.4.1)
      racc
    prism (0.19.0)
    public_suffix (5.0.4)
    racc (1.7.3)
    rainbow (3.1.1)
    rake (13.1.0)
    rbi (0.1.6)
      prism (>= 0.18.0, < 0.20)
      sorbet-runtime (>= 0.5.9204)
    regexp_parser (2.5.0)
    reline (0.3.2)
      io-console (~> 0.5)
    rexml (3.2.5)
    rubocop (1.32.0)
      json (~> 2.3)
      parallel (~> 1.10)
      parser (>= 3.1.0.0)
      rainbow (>= 2.2.2, < 4.0)
      regexp_parser (>= 1.8, < 3.0)
      rexml (>= 3.2.5, < 4.0)
      rubocop-ast (>= 1.19.1, < 2.0)
      ruby-progressbar (~> 1.7)
      unicode-display_width (>= 1.4.0, < 3.0)
    rubocop-ast (1.19.1)
      parser (>= 3.1.1.0)
    rubocop-shopify (2.8.0)
      rubocop (~> 1.31)
    rubocop-sorbet (0.6.11)
      rubocop (>= 0.90.0)
    ruby-progressbar (1.13.0)
    sorbet (0.5.10741)
      sorbet-static (= 0.5.10741)
    sorbet-runtime (0.5.10741)
    sorbet-static (0.5.10741-universal-darwin-21)
    sorbet-static (0.5.10741-universal-darwin-22)
    sorbet-static (0.5.10741-x86_64-linux)
    sorbet-static-and-runtime (0.5.10741)
      sorbet (= 0.5.10741)
      sorbet-runtime (= 0.5.10741)
    spoom (1.2.0)
      sorbet (>= 0.5.10187)
      sorbet-runtime (>= 0.5.9204)
      thor (>= 0.19.2)
    tapioca (0.11.14)
      bundler (>= 2.2.25)
      netrc (>= 0.11.0)
      parallel (>= 1.21.0)
      rbi (>= 0.1.4, < 0.2)
      sorbet-static-and-runtime (>= 0.5.10187)
      spoom (~> 1.2.0, >= 1.2.0)
      thor (>= 1.2.0)
      yard-sorbet
    thor (1.2.1)
    unicode-display_width (2.2.0)
    webrick (1.7.0)
    yard (0.9.28)
      webrick (~> 1.7.0)
    yard-sorbet (0.6.1)
      sorbet-runtime (>= 0.5)
      yard (>= 0.9)

PLATFORMS
  arm64-darwin-21
  arm64-darwin-22
  x86_64-linux

DEPENDENCIES
  debug
  minitest
  minitest-reporters
  rake (~> 13.1)
  rbi-central!

BUNDLED WITH
   2.4.18
